GEM
  remote: http://rubygems.org/
  specs:
    activesupport (5.0.1)
      concurrent-ruby (~> 1.0, >= 1.0.2)
      i18n (~> 0.7)
      minitest (~> 5.1)
      tzinfo (~> 1.1)
    auto_initializer (0.0.1)
      gemmyrb
    awesome_print (1.7.0)
    byebug (9.0.6)
    coderay (1.1.1)
    colored (1.2)
    concurrent-ruby (1.0.3)
    corefines (1.9.0)
    engtagger (0.2.1)
    eventmachine (1.2.1)
    faye-websocket (0.10.5)
      eventmachine (>= 0.12.0)
      websocket-driver (>= 0.5.1)
    gemmyrb (0.1.2)
      activesupport
      awesome_print
      byebug
      colored
      corefines
      engtagger
      minitest
      odyssey
      pry
      sentence_interpreter
      thor
    i18n (0.7.0)
    method_source (0.8.2)
    minitest (5.10.1)
    odyssey (0.2.0)
      require_all
    paned_repl (0.0.2)
      auto_initializer
      colored
      gemmyrb
      thor
    pry (0.10.4)
      coderay (~> 1.1.0)
      method_source (~> 0.8.1)
      slop (~> 3.4)
    rack (1.6.5)
    rack-protection (1.5.3)
      rack
    require_all (1.3.3)
    sentence_interpreter (0.0.7)
    sinatra (1.4.7)
      rack (~> 1.5)
      rack-protection (~> 1.4)
      tilt (>= 1.3, < 3)
    slim (3.0.7)
      temple (~> 0.7.6)
      tilt (>= 1.3.3, < 2.1)
    slop (3.6.0)
    temple (0.7.7)
    thor (0.19.4)
    thread_safe (0.3.5)
    tilt (2.0.5)
    tzinfo (1.2.2)
      thread_safe (~> 0.1)
    websocket-driver (0.6.4)
      websocket-extensions (>= 0.1.0)
    websocket-extensions (0.1.2)

PLATFORMS
  ruby

DEPENDENCIES
  faye-websocket
  gemmyrb
  paned_repl
  sinatra
  slim

BUNDLED WITH
   1.13.6
